PATH
  remote: .
  specs:
    akatus-rb (0.0.1)
      httpi
      nokogiri
      rack

GEM
  remote: https://rubygems.org/
  specs:
    activesupport (3.2.11)
      i18n (~> 0.6)
      multi_json (~> 1.0)
    diff-lcs (1.1.3)
    factory_girl (2.5.2)
      activesupport (>= 2.3.9)
    httpi (2.1.0)
      rack
      rubyntlm (~> 0.3.2)
    i18n (0.6.1)
    mini_portile (0.5.2)
    multi_json (1.5.0)
    nokogiri (1.6.0)
      mini_portile (~> 0.5.0)
    rack (1.5.2)
    rake (10.0.3)
    rspec (2.12.0)
      rspec-core (~> 2.12.0)
      rspec-expectations (~> 2.12.0)
      rspec-mocks (~> 2.12.0)
    rspec-core (2.12.2)
    rspec-expectations (2.12.1)
      diff-lcs (~> 1.1.3)
    rspec-mocks (2.12.1)
    rubyntlm (0.3.4)

PLATFORMS
  ruby

DEPENDENCIES
  akatus-rb!
  factory_girl
  rake
  rspec
